GEM
  remote: https://rubygems.org/
  specs:
    diff-lcs (1.5.0)
    rack (3.0.8)
    rouge (4.1.3) 

PLATFORMS
  ruby

DEPENDENCIES
  rack
  rouge 

BUNDLED WITH
   2.4.10
