GEM
  remote: https://rubygems.org/ 
  
PLATFORMS
  ruby

DEPENDENCIES
  rspec

BUNDLED WITH
   2.4.10
